PATH
  remote: .
  specs:
    rack-auth-krb (0.2.2)
      gssapi
      rack
      timfel-krb5-auth (~> 0.8)

GEM
  remote: http://rubygems.org/
  specs:
    addressable (2.3.8)
    async-rack (0.5.1)
      rack (~> 1.1)
    diff-lcs (1.2.5)
    em-synchrony (1.0.4)
      eventmachine (>= 1.0.0.beta.1)
    em-websocket (0.3.8)
      addressable (>= 2.1.1)
      eventmachine (>= 0.12.9)
    eventmachine (1.0.7)
    ffi (1.9.8)
    goliath (1.0.4)
      async-rack
      em-synchrony (>= 1.0.0)
      em-websocket (= 0.3.8)
      eventmachine (>= 1.0.0.beta.4)
      http_parser.rb (= 0.6.0)
      log4r
      multi_json
      rack (>= 1.2.2)
      rack-contrib
      rack-respond_to
    gssapi (1.2.0)
      ffi (>= 1.0.1)
    http_parser.rb (0.6.0)
    log4r (1.1.10)
    multi_json (1.11.0)
    puma (2.11.2)
      rack (>= 1.1, < 2.0)
    rack (1.6.0)
    rack-accept-media-types (0.9)
    rack-contrib (1.2.0)
      rack (>= 0.9.1)
    rack-respond_to (0.9.8)
      rack-accept-media-types (>= 0.6)
    rspec (2.99.0)
      rspec-core (~> 2.99.0)
      rspec-expectations (~> 2.99.0)
      rspec-mocks (~> 2.99.0)
    rspec-core (2.99.2)
    rspec-expectations (2.99.2)
      diff-lcs (>= 1.1.3, < 2.0)
    rspec-mocks (2.99.3)
    timfel-krb5-auth (0.8.3)

PLATFORMS
  ruby

DEPENDENCIES
  goliath
  puma
  rack-auth-krb!
  rspec (~> 2.0)
